PATH
  remote: .
  specs:
    sablon (0.3.2)
      nokogiri (>= 1.8.5)
      rubyzip (>= 1.3.0)

GEM
  remote: https://rubygems.org/
  specs:
    mini_portile2 (2.5.1)
    minitest (5.14.4)
    nokogiri (1.10.8)
      mini_portile2 (~> 2.4.0)
    rake (13.0.3)
    rubyzip (2.3.0)
    xml-simple (1.1.8)

PLATFORMS
  ruby

DEPENDENCIES
  bundler (>= 1.6)
  minitest (~> 5.4)
  rake (~> 13.0)
  sablon!
  xml-simple

BUNDLED WITH
   1.17.2
